GEM
  remote: https://rubygems.org/
  specs:
    addressable (2.7.0)
      public_suffix (>= 2.0.2, < 5.0)
    ast (2.4.1)
    attr_extras (6.2.4)
    backport (1.1.2)
    benchmark (0.1.0)
    concurrent-ruby (1.1.6)
    down (5.1.1)
      addressable (~> 2.5)
    e2mmap (0.1.0)
    fileutils (1.4.1)
    jaro_winkler (1.5.4)
    maruku (0.7.3)
    mime-types (3.3.1)
      mime-types-data (~> 3.2015)
    mime-types-data (3.2020.0512)
    mini_portile2 (2.8.0)
    nokogiri (1.13.4)
      mini_portile2 (~> 2.8.0)
      racc (~> 1.4)
    os_map_ref (0.5.0)
    osgb_convert (0.0.4)
    parallel (1.19.2)
    parser (2.7.1.4)
      ast (~> 2.4.1)
    public_suffix (4.0.5)
    quadkey (0.3.0)
    racc (1.6.0)
    rainbow (3.0.0)
    regexp_parser (1.7.1)
    reverse_markdown (2.0.0)
      nokogiri
    rexml (3.2.4)
    rubocop (0.88.0)
      parallel (~> 1.10)
      parser (>= 2.7.1.1)
      rainbow (>= 2.2.2, < 4.0)
      regexp_parser (>= 1.7)
      rexml
      rubocop-ast (>= 0.1.0, < 1.0)
      ruby-progressbar (~> 1.7)
      unicode-display_width (>= 1.4.0, < 2.0)
    rubocop-ast (0.1.0)
      parser (>= 2.7.0.1)
    ruby-progressbar (1.10.1)
    solargraph (0.39.11)
      backport (~> 1.1)
      benchmark
      bundler (>= 1.17.2)
      e2mmap
      jaro_winkler (~> 1.5)
      maruku (~> 0.7, >= 0.7.3)
      nokogiri (~> 1.9, >= 1.9.1)
      parser (~> 2.3)
      reverse_markdown (>= 1.0.5, < 3)
      rubocop (~> 0.52)
      thor (~> 1.0)
      tilt (~> 2.0)
      yard (~> 0.9, >= 0.9.24)
    thor (1.0.1)
    tilt (2.0.10)
    unicode-display_width (1.7.0)
    webrick (1.6.0)
    yard (0.9.25)

PLATFORMS
  ruby

DEPENDENCIES
  attr_extras (~> 6.2)
  concurrent-ruby (~> 1.1)
  down (~> 5.1)
  fileutils (~> 1.4)
  mime-types (~> 3.3)
  nokogiri (~> 1.13)
  os_map_ref (~> 0.5.0)
  osgb_convert (~> 0.0.4)
  quadkey (~> 0.3.0)
  rubocop (~> 0.88.0)
  solargraph (~> 0.39.11)
  webrick (~> 1.6)

BUNDLED WITH
   2.1.2
